GEM
  remote: https://rubygems.org/
  specs:
    mini_portile (0.5.3)
    nokogiri (1.6.1)
      mini_portile (~> 0.5.0)
    rake (12.3.3)

PLATFORMS
  ruby

DEPENDENCIES
  mini_portile
  nokogiri (= 1.6.1)
  rake
