GEM
  remote: https://rubygems.org/
  specs:
    mini_portile (0.6.2)
    mini_portile2 (2.8.1)
    nokogiri (1.14.3)
      mini_portile2 (~> 2.8.0)
      racc (~> 1.4)
    nokogiri (1.14.3-x86_64-linux)
      racc (~> 1.4)
    racc (1.6.2)
    rake (13.0.1)

PLATFORMS
  ruby
  x86_64-linux

DEPENDENCIES
  mini_portile
  nokogiri
  rake

BUNDLED WITH
   2.2.0
