GEM
  remote: https://rubygems.org/
  specs:
    mini_portile (0.6.2)
    mini_portile2 (2.6.1)
    nokogiri (1.12.5)
      mini_portile2 (~> 2.6.1)
      racc (~> 1.4)
    nokogiri (1.12.5-x86_64-linux)
      racc (~> 1.4)
    racc (1.5.2)
    rake (13.0.1)

PLATFORMS
  ruby
  x86_64-linux

DEPENDENCIES
  mini_portile
  nokogiri
  rake

BUNDLED WITH
   2.2.0
