GEM
  remote: https://rubygems.org/
  specs:
    mini_portile (0.5.3)
    mini_portile2 (2.4.0)
    nokogiri (1.10.8)
      mini_portile2 (~> 2.4.0)
    rake (12.3.2)

PLATFORMS
  ruby

DEPENDENCIES
  mini_portile
  nokogiri (= 1.10.8)
  rake
